GEM
  remote: http://rubygems.org/
  specs:
    faraday (0.8.0)
      multipart-post (~> 1.1)
    httpauth (0.1)
    multi_json (1.3.2)
    multi_xml (0.4.4)
    multipart-post (1.1.5)
    oauth (0.4.6)
    oauth2 (0.6.1)
      faraday (~> 0.7)
      httpauth (~> 0.1)
      multi_json (~> 1.3)
    rack (1.4.1)
    rack-protection (1.2.0)
      rack
    sinatra (1.3.2)
      rack (~> 1.3, >= 1.3.6)
      rack-protection (~> 1.2)
      tilt (~> 1.3, >= 1.3.3)
    tilt (1.3.3)

PLATFORMS
  ruby

DEPENDENCIES
  multi_xml
  oauth
  oauth2 (~> 0.6.0)
  sinatra (~> 1.3.0)
